GEM
  remote: http://rubygems.org/
  specs:
    tmail (1.2.7.1)

PLATFORMS
  ruby

DEPENDENCIES
  tmail
